PATH
  remote: .
  specs:
    anachronism (0.1.0)
      ffi (~> 1.0.7)

GEM
  specs:
    ffi (1.0.7)
      rake (>= 0.8.7)
    rake (0.8.7)

PLATFORMS
  ruby

DEPENDENCIES
  anachronism!
  bundler (~> 1.0.7)
